PATH
  remote: .
  specs:
    execjs-async (0.0.4)

GEM
  remote: http://rubygems.org/
  specs:

PLATFORMS
  ruby

DEPENDENCIES
  execjs-async!
